GEM
  remote: https://rubygems.org/
  specs:
    minitest (5.11.3)
    ruby2d (0.9.5)

PLATFORMS
  ruby
  x64-mingw32

DEPENDENCIES
  minitest (~> 5)
  ruby2d (~> 0.9.5)

BUNDLED WITH
   2.2.23
